GEM
  specs:
    coderay (1.1.2)
    method_source (0.9.2)
    power_assert (1.1.4)
    pry (0.12.2)
      coderay (~> 1.1.0)
      method_source (~> 0.9.0)
    test-unit (3.3.3)
      power_assert

PLATFORMS
  ruby

DEPENDENCIES
  pry
  test-unit

BUNDLED WITH
   1.17.3
